GEM
  remote: https://rubygems.org/
  specs:
    buildar (3.0.0.2)
    minitest (5.14.0)
    rake (13.0.1)
    rake-compiler (1.1.0)
      rake

PLATFORMS
  ruby

DEPENDENCIES
  buildar
  minitest
  rake-compiler

BUNDLED WITH
   2.1.4
